PATH
  remote: .
  specs:
    feature_flag (0.1.1)
      flipper-redis

GEM
  remote: https://rubygems.org/
  specs:
    diff-lcs (1.3)
    flipper (0.16.1)
    flipper-redis (0.16.1)
      flipper (~> 0.16.1)
      redis (>= 2.2, < 4.1.0)
    rake (13.0.1)
    redis (4.0.3)
    rspec (3.8.0)
      rspec-core (~> 3.8.0)
      rspec-expectations (~> 3.8.0)
      rspec-mocks (~> 3.8.0)
    rspec-core (3.8.0)
      rspec-support (~> 3.8.0)
    rspec-expectations (3.8.2)
      diff-lcs (>= 1.2.0, < 2.0)
      rspec-support (~> 3.8.0)
    rspec-mocks (3.8.0)
      diff-lcs (>= 1.2.0, < 2.0)
      rspec-support (~> 3.8.0)
    rspec-support (3.8.0)

PLATFORMS
  ruby

DEPENDENCIES
  bundler (~> 2.0)
  feature_flag!
  rake (~> 13.0)
  rspec (~> 3.0)

BUNDLED WITH
   2.0.1
